GEM
  remote: http://rubygems.org/
  specs:
    json (1.5.1)
    koala (1.0.0.beta2)
      json (>= 1.0)
      multipart-post (>= 1.0)
    multipart-post (1.1.0)
    progressbar (0.9.0)
    thor (0.14.6)

PLATFORMS
  ruby

DEPENDENCIES
  koala (~> 1.0.0.beta2)
  progressbar
  thor
